GEM
  remote: https://rubygems.org/
  specs:
    activesupport (3.1.12)
      multi_json (~> 1.0)
    addressable (2.6.0)
      public_suffix (>= 2.0.2, < 4.0)
    bibmarkdown (2.0.0)
      citeproc-ruby
      csl-styles
    bibtex-ruby (5.0.0)
      latex-decode (~> 0.0)
    citeproc (1.0.9)
      namae (~> 1.0)
    citeproc-ruby (1.1.10)
      citeproc (~> 1.0, >= 1.0.9)
      csl (~> 1.5)
    coderay (1.1.2)
    colored (1.2)
    concurrent-ruby (1.1.5)
    cri (2.15.9)
    csl (1.5.0)
      namae (~> 1.0)
    csl-styles (1.0.1.9)
      csl (~> 1.0)
    daemons (1.3.1)
    ddmemoize (1.0.0)
      ddmetrics (~> 1.0)
      ref (~> 2.0)
    ddmetrics (1.0.1)
    ddplugin (1.0.2)
    diff-lcs (1.3)
    em-websocket (0.5.1)
      eventmachine (>= 0.12.9)
      http_parser.rb (~> 0.6.0)
    equatable (0.6.1)
    eventmachine (1.2.7)
    execjs (2.7.0)
    ffi (1.11.1)
    formatador (0.2.5)
    guard (2.15.0)
      formatador (>= 0.2.4)
      listen (>= 2.7, < 4.0)
      lumberjack (>= 1.0.12, < 2.0)
      nenv (~> 0.1)
      notiffany (~> 0.0)
      pry (>= 0.9.12)
      shellany (~> 0.0)
      thor (>= 0.18.1)
    guard-compat (1.2.1)
    guard-livereload (2.5.2)
      em-websocket (~> 0.5)
      guard (~> 2.8)
      guard-compat (~> 1.0)
      multi_json (~> 1.8)
    guard-nanoc (2.1.6)
      guard (~> 2.8)
      guard-compat (~> 1.0)
      nanoc (>= 4.3.8, < 5.0)
    guard-process (1.2.1)
      guard-compat (~> 1.2, >= 1.2.1)
      spoon (~> 0.0.1)
    hamster (3.0.0)
      concurrent-ruby (~> 1.0)
    http_parser.rb (0.6.0)
    i18n (1.0.1)
      concurrent-ruby (~> 1.0)
    json (2.2.0)
    json_schema (0.20.6)
    katex (0.5.1)
      execjs (~> 2.7)
    kramdown (2.1.0)
    kramdown-math-sskatex (1.0.0)
      kramdown (~> 2.0)
      sskatex (>= 0.9.37)
    latex-decode (0.3.1)
    libv8 (3.16.14.19)
    listen (3.1.5)
      rb-fsevent (~> 0.9, >= 0.9.4)
      rb-inotify (~> 0.9, >= 0.9.7)
      ruby_dep (~> 1.2)
    lumberjack (1.0.13)
    method_source (0.9.2)
    mini_portile2 (2.4.0)
    multi_json (1.13.1)
    namae (1.0.1)
    nanoc (4.11.5)
      addressable (~> 2.5)
      colored (~> 1.2)
      cri (~> 2.15)
      nanoc-core (= 4.11.5)
      parallel (~> 1.12)
      tomlrb (~> 1.2)
      tty-command (~> 0.8)
      tty-file (~> 0.7)
      tty-platform (~> 0.2)
      tty-which (~> 0.4)
    nanoc-core (4.11.5)
      ddmemoize (~> 1.0)
      ddmetrics (~> 1.0)
      ddplugin (~> 1.0)
      hamster (~> 3.0)
      json_schema (~> 0.19)
      slow_enumerator_tools (~> 1.0)
      zeitwerk (~> 2.1)
    necromancer (0.5.0)
    nenv (0.3.0)
    nokogiri (1.10.5)
      mini_portile2 (~> 2.4.0)
    notiffany (0.1.1)
      nenv (~> 0.1)
      shellany (~> 0.0)
    parallel (1.17.0)
    pastel (0.7.3)
      equatable (~> 0.6)
      tty-color (~> 0.5)
    pry (0.12.2)
      coderay (~> 1.1.0)
      method_source (~> 0.9.0)
    public_suffix (3.1.1)
    rack (1.6.11)
    rack-livereload (0.3.17)
      rack
    rack-test (0.8.3)
      rack (>= 1.0, < 3)
    rb-fsevent (0.10.3)
    rb-inotify (0.10.0)
      ffi (~> 1.0)
    rb-readline (0.5.5)
    ref (2.0.0)
    ruby_dep (1.5.0)
    rubypants (0.7.0)
    sass (3.7.4)
      sass-listen (~> 4.0.0)
    sass-listen (4.0.0)
      rb-fsevent (~> 0.9, >= 0.9.4)
      rb-inotify (~> 0.9, >= 0.9.7)
    scholarmarkdown (2.6.0)
      bibmarkdown (~> 2.0.0)
      bibtex-ruby
      citeproc-ruby (>= 1.1.6)
      csl-styles
      execjs
      i18n
      katex
      kramdown-math-sskatex
      latex-decode
      sskatex
      therubyracer
    serve (1.5.1)
      activesupport (~> 3.0)
      i18n
      rack (~> 1.2)
      rack-test (~> 0.5)
      tilt (~> 1.3)
      tzinfo
    shellany (0.0.1)
    slow_enumerator_tools (1.1.0)
    spoon (0.0.6)
      ffi
    sskatex (0.9.39)
      execjs (~> 2.7)
    therubyracer (0.12.3)
      libv8 (~> 3.16.14.15)
      ref
    thin (1.7.2)
      daemons (~> 1.0, >= 1.0.9)
      eventmachine (~> 1.0, >= 1.0.4)
      rack (>= 1, < 3)
    thor (0.20.3)
    tilt (1.4.1)
    tomlrb (1.2.8)
    tty-color (0.5.0)
    tty-command (0.8.2)
      pastel (~> 0.7.0)
    tty-cursor (0.7.0)
    tty-file (0.7.1)
      diff-lcs (~> 1.3)
      pastel (~> 0.7.2)
      tty-prompt (~> 0.18)
    tty-platform (0.2.1)
    tty-prompt (0.19.0)
      necromancer (~> 0.5.0)
      pastel (~> 0.7.0)
      tty-reader (~> 0.6.0)
    tty-reader (0.6.0)
      tty-cursor (~> 0.7)
      tty-screen (~> 0.7)
      wisper (~> 2.0.0)
    tty-screen (0.7.0)
    tty-which (0.4.1)
    tzinfo (2.0.0)
      concurrent-ruby (~> 1.0)
    unicode_utils (1.4.0)
    w3c_validators (1.3.4)
      json (>= 1.8)
      nokogiri (~> 1.6)
    wisper (2.0.0)
    zeitwerk (2.1.8)

PLATFORMS
  ruby

DEPENDENCIES
  citeproc-ruby (>= 1.1.6)
  csl-styles
  guard-livereload
  guard-nanoc (~> 2.1.2)
  guard-process
  i18n (< 1.1)
  kramdown
  latex-decode
  nanoc (~> 4.7)
  rack-livereload
  rb-readline
  rubypants
  sass
  scholarmarkdown (~> 2.6.0)
  serve
  thin
  unicode_utils
  w3c_validators (~> 1.3.1)

BUNDLED WITH
   1.16.2
